PATH
  remote: .
  specs:
    bookmarks (0.2.2)

GEM
  remote: https://rubygems.org/
  specs:
    coco (0.7.1)
    diff-lcs (1.3)
    rake (12.3.0)
    rspec (2.99.0)
      rspec-core (~> 2.99.0)
      rspec-expectations (~> 2.99.0)
      rspec-mocks (~> 2.99.0)
    rspec-core (2.99.2)
    rspec-expectations (2.99.2)
      diff-lcs (>= 1.1.3, < 2.0)
    rspec-mocks (2.99.4)
    tomparse (0.4.2)
    yard (0.9.12)
    yard-tomdoc (0.7.1)
      tomparse (>= 0.4.0)
      yard

PLATFORMS
  ruby

DEPENDENCIES
  bookmarks!
  coco (>= 0.7.1)
  rake (~> 12.3.0)
  rspec (~> 2.99.0)
  yard (~> 0.9.11)
  yard-tomdoc

BUNDLED WITH
   1.16.1
